GEM
  remote: https://rubygems.org/
  specs:
    barby (0.6.6)
    chunky_png (1.3.11)
    rghost (0.9.6)
    rghost_barcode (0.9)
    rqrcode (0.10.1)
      chunky_png (~> 1.0)
    rqrcode_png (0.1.5)
      chunky_png
      rqrcode

PLATFORMS
  ruby

DEPENDENCIES
  barby
  chunky_png
  rghost
  rghost_barcode
  rqrcode
  rqrcode_png

BUNDLED WITH
   1.16.1
